GEM
  remote: https://rubygems.org/
  specs:
    asciidoctor (2.0.14)
    asciidoctor-diagram (2.1.0)
      asciidoctor (>= 1.5.7, < 3.x)
      asciidoctor-diagram-ditaamini (~> 0.13)
      asciidoctor-diagram-plantuml (~> 1.2021)
      rexml
    asciidoctor-diagram-ditaamini (0.13.1)
    asciidoctor-diagram-plantuml (1.2021.0)
    asciidoctor-kroki (0.4.0)
      asciidoctor (~> 2.0)
    rexml (3.2.5)

PLATFORMS
  x64-mingw32
  x86_64-linux

DEPENDENCIES
  asciidoctor (~> 2.0, >= 2.0.12)
  asciidoctor-diagram
  asciidoctor-kroki

BUNDLED WITH
   2.1.4
